GEM
  remote: http://rubygems.org/
  specs:
    activesupport (3.2.6)
      i18n (~> 0.6)
      multi_json (~> 1.0)
    addressable (2.2.8)
    columnize (0.3.6)
    crack (0.3.1)
    debugger (1.2.0)
      columnize (>= 0.3.1)
      debugger-linecache (~> 1.1.1)
      debugger-ruby_core_source (~> 1.1.3)
    debugger-linecache (1.1.2)
      debugger-ruby_core_source (>= 1.1.1)
    debugger-ruby_core_source (1.1.3)
    diff-lcs (1.1.3)
    dragonfly (0.9.12)
      rack
    face (0.0.4)
      json (>= 1.4.6)
      rest-client (>= 1.6.1)
    haml (3.1.6)
    httparty (0.8.3)
      multi_json (~> 1.0)
      multi_xml
    i18n (0.6.0)
    imagesize (0.1.1)
    json (1.7.3)
    magickly (1.4.0)
      activesupport (>= 2.0.0)
      addressable (~> 2.2)
      dragonfly (~> 0.9.5)
      httparty (~> 0.8.1)
      sinatra (~> 1.2)
    mime-types (1.19)
    multi_json (1.3.6)
    multi_xml (0.5.1)
    mustachio (0.3.0)
      addressable (~> 2.2.4)
      dragonfly (~> 0.9.0)
      face (= 0.0.4)
      haml (~> 3.0)
      imagesize (~> 0.1)
      magickly (~> 1.2)
      sinatra (~> 1.2)
    rack (1.4.1)
    rack-protection (1.2.0)
      rack
    rest-client (1.6.7)
      mime-types (>= 1.16)
    rspec (2.11.0)
      rspec-core (~> 2.11.0)
      rspec-expectations (~> 2.11.0)
      rspec-mocks (~> 2.11.0)
    rspec-core (2.11.1)
    rspec-expectations (2.11.1)
      diff-lcs (~> 1.1.3)
    rspec-mocks (2.11.1)
    sinatra (1.3.2)
      rack (~> 1.3, >= 1.3.6)
      rack-protection (~> 1.2)
      tilt (~> 1.3, >= 1.3.3)
    tilt (1.3.3)
    vcr (2.2.4)
    webmock (1.8.8)
      addressable (~> 2.2.8)
      crack (>= 0.1.7)

PLATFORMS
  ruby

DEPENDENCIES
  debugger
  magickly (~> 1.2)
  mustachio
  rspec (~> 2.5)
  sinatra (~> 1.3)
  vcr (~> 2.0)
  webmock (~> 1.8)
